RESTRICTION: || (== net451) (== net452)
NUGET
  remote: https://www.nuget.org/api/v2
    DynamicInterop (0.8.1)
    FAKE (4.64.13)
    FsCheck (2.11)
      FSharp.Core (>= 4.0.0.1)
    FsCheck.Xunit (2.11)
      FsCheck (2.11) - restriction: || (&& (== net451) (>= net452)) (== net452)
      xunit.extensibility.execution (>= 2.2 < 3.0) - restriction: || (&& (== net451) (>= net452)) (== net452)
    FSharp.Compiler.Service (2.0.0.6)
    FSharp.Core (4.3.4)
    FSharp.Data (2.4.6)
    FSharp.Formatting (2.14.4)
      FSharp.Compiler.Service (2.0.0.6)
      FSharpVSPowerTools.Core (>= 2.3 < 2.4)
    FSharpVSPowerTools.Core (2.3)
      FSharp.Compiler.Service (>= 2.0.0.3)
    NuGet.CommandLine (4.7)
    R.NET (1.7)
      DynamicInterop (0.8.1)
    R.NET.Community (1.7)
      R.NET (>= 1.7)
    R.NET.Community.FSharp (1.7)
      R.NET.FSharp (>= 1.7)
    R.NET.FSharp (1.7)
      R.NET (>= 1.7)
    xunit (1.9.2)
    xunit.abstractions (2.0.2) - restriction: || (&& (== net451) (>= net452)) (== net452)
    xunit.extensibility.core (2.4) - restriction: || (&& (== net451) (>= net452)) (== net452)
      xunit.abstractions (>= 2.0.2)
    xunit.extensibility.execution (2.4) - restriction: || (&& (== net451) (>= net452)) (== net452)
      xunit.extensibility.core (2.4)
    xunit.runners (1.9.2)
GITHUB
  remote: fsprojects/FSharp.TypeProviders.SDK
    src/ProvidedTypes.fs (ddfb906ecbac78dc9f0f5e172518a72cb5fdf651)
    src/ProvidedTypes.fsi (ddfb906ecbac78dc9f0f5e172518a72cb5fdf651)
GROUP Release
RESTRICTION: == net451
NUGET
  remote: https://www.nuget.org/api/v2
    FSharp.Core (4.3.4)
