NUGET
  remote: https://www.nuget.org/api/v2
  specs:
    DynamicInterop (0.7.1.0)
    FAKE (3.13.4)
    FsCheck (1.0.4)
    FsCheck.Xunit (1.0.4)
      FsCheck (>= 1.0.4)
      xunit (>= 1.9.2)
    FSharp.Compiler.Service (0.0.81)
    FSharp.Core (3.0.2)
    FSharp.Data (2.1.1)
      Zlib.Portable (>= 1.10.0)
    FSharp.Formatting (2.6.0)
      FSharp.Compiler.Service (>= 0.0.81)
    ILRepack (1.25.0)
    NuGet.CommandLine (2.8.3)
    R.NET.Community (1.5.19)
      DynamicInterop (>= 0.7.1)
    R.NET.Community.FSharp (0.1.11)
      R.NET.Community (>= 1.5.19)
    xunit (1.9.2)
    xunit.runners (1.9.2)
    Zlib.Portable (1.10.0)
GITHUB
  remote: fsprojects/FSharp.TypeProviders.StarterPack
  specs:
    src/DebugProvidedTypes.fs (66277f5f3b881706a2b7af30e0aedee3feee9bc0)
    src/ProvidedTypes.fs (66277f5f3b881706a2b7af30e0aedee3feee9bc0)
    src/ProvidedTypes.fsi (66277f5f3b881706a2b7af30e0aedee3feee9bc0)